GEM
  remote: http://rubygems.org/
  specs:
    bcrypt-ruby (3.0.1)
    bourbon (1.4.0)
      sass (>= 3.1)
    coffee-script (2.2.0)
      coffee-script-source
      execjs
    coffee-script-source (1.3.3)
    execjs (1.4.0)
      multi_json (~> 1.0)
    foreman (0.41.0)
      thor (>= 0.13.6)
    kgio (2.7.4)
    multi_json (1.3.5)
    pathological (0.2.4)
    pg (0.13.2)
    pinion (0.1.5)
      rack (~> 1.0)
    rack (1.4.1)
    rack-protection (1.2.0)
      rack
    raindrops (0.8.0)
    rake (0.9.2.2)
    rerun (0.6.5)
    sass (3.1.16)
    sequel (3.33.0)
    sinatra (1.3.2)
      rack (~> 1.3, >= 1.3.6)
      rack-protection (~> 1.2)
      tilt (~> 1.3, >= 1.3.3)
    thor (0.14.6)
    tilt (1.3.3)
    unicorn (4.2.1)
      kgio (~> 2.6)
      rack
      raindrops (~> 0.7)

PLATFORMS
  ruby

DEPENDENCIES
  bcrypt-ruby
  bourbon
  coffee-script
  foreman
  pathological
  pg
  pinion
  rake
  rerun
  sass
  sequel
  sinatra
  unicorn
